PATH
  remote: .
  specs:
    contribulator (0.0.1)
      gli

GEM
  remote: http://rubygems.org/
  specs:
    gli (1.5.1)
    rake (13.0.1)

PLATFORMS
  ruby

DEPENDENCIES
  bundler
  contribulator!
  rake
